GIT
  remote: https://github.com/up-for-grabs/tooling.git
  revision: 3444d226a4ddab64ae6e3eee0c0c82e35bf381e3
  branch: main
  specs:
    up_for_grabs_tooling (0.1.0)
      graphql-client (~> 0.18)
      json_schemer (~> 0.2)
      octokit (>= 5.6, < 7.0)
      safe_yaml (~> 1.0)

GEM
  remote: https://rubygems.org/
  specs:
    RedCloth (4.2.9)
    RedCloth (4.2.9-x86-mingw32)
    activesupport (7.0.4.2)
      concurrent-ruby (~> 1.0, >= 1.0.2)
      i18n (>= 1.6, < 2)
      minitest (>= 5.1)
      tzinfo (~> 2.0)
    addressable (2.8.1)
      public_suffix (>= 2.0.2, < 6.0)
    ast (2.4.2)
    blankslate (2.1.2.4)
    classifier-reborn (2.3.0)
      fast-stemmer (~> 1.0)
      matrix (~> 0.4)
    coffee-script (2.4.1)
      coffee-script-source
      execjs
    coffee-script-source (1.11.1)
    colorator (0.1)
    concurrent-ruby (1.2.0)
    ecma-re-validator (0.4.0)
      regexp_parser (~> 2.2)
    execjs (2.8.1)
    faraday (2.7.4)
      faraday-net_http (>= 2.0, < 3.1)
      ruby2_keywords (>= 0.0.4)
    faraday-net_http (3.0.2)
    fast-stemmer (1.0.2)
    ffi (1.15.5)
    ffi (1.15.5-x64-mingw32)
    ffi (1.15.5-x86-mingw32)
    gemoji (2.1.0)
    github-pages (28)
      RedCloth (= 4.2.9)
      jekyll (= 2.4.0)
      jekyll-coffeescript (= 1.0.0)
      jekyll-mentions (= 0.1.3)
      jekyll-redirect-from (= 0.6.2)
      jekyll-sass-converter (= 1.2.0)
      jekyll-sitemap (= 0.6.0)
      jemoji (= 0.3.0)
      kramdown (= 1.3.1)
      liquid (= 2.6.1)
      maruku (= 0.7.0)
      pygments.rb (= 0.6.0)
      rdiscount (= 2.1.7)
      redcarpet (= 3.1.2)
    graphql (2.0.16)
    graphql-client (0.18.0)
      activesupport (>= 3.0)
      graphql
    hana (1.3.7)
    html-pipeline (1.9.0)
      activesupport (>= 2)
      nokogiri (~> 1.4)
    i18n (1.12.0)
      concurrent-ruby (~> 1.0)
    jekyll (2.4.0)
      classifier-reborn (~> 2.0)
      colorator (~> 0.1)
      jekyll-coffeescript (~> 1.0)
      jekyll-gist (~> 1.0)
      jekyll-paginate (~> 1.0)
      jekyll-sass-converter (~> 1.0)
      jekyll-watch (~> 1.1)
      kramdown (~> 1.3)
      liquid (~> 2.6.1)
      mercenary (~> 0.3.3)
      pygments.rb (~> 0.6.0)
      redcarpet (~> 3.1)
      safe_yaml (~> 1.0)
      toml (~> 0.1.0)
    jekyll-coffeescript (1.0.0)
      coffee-script (~> 2.2)
    jekyll-gist (1.3.5)
    jekyll-mentions (0.1.3)
      html-pipeline (~> 1.9.0)
      jekyll (~> 2.0)
    jekyll-paginate (1.1.0)
    jekyll-redirect-from (0.6.2)
      jekyll (~> 2.0)
    jekyll-sass-converter (1.2.0)
      sass (~> 3.2)
    jekyll-sitemap (0.6.0)
    jekyll-watch (1.5.1)
      listen (~> 3.0)
    jemoji (0.3.0)
      gemoji (~> 2.0)
      html-pipeline (~> 1.9)
      jekyll (~> 2.0)
    json (2.6.3)
    json_schemer (0.2.24)
      ecma-re-validator (~> 0.3)
      hana (~> 1.3)
      regexp_parser (~> 2.0)
      uri_template (~> 0.7)
    kramdown (1.3.1)
    liquid (2.6.1)
    listen (3.8.0)
      rb-fsevent (~> 0.10, >= 0.10.3)
      rb-inotify (~> 0.9, >= 0.9.10)
    maruku (0.7.0)
    matrix (0.4.2)
    mercenary (0.3.6)
    mini_portile2 (2.8.1)
    minitest (5.17.0)
    nokogiri (1.14.1)
      mini_portile2 (~> 2.8.0)
      racc (~> 1.4)
    nokogiri (1.14.1-x64-mingw32)
      racc (~> 1.4)
    nokogiri (1.14.1-x86-mingw32)
      racc (~> 1.4)
    octokit (6.0.1)
      faraday (>= 1, < 3)
      sawyer (~> 0.9)
    parallel (1.22.1)
    parser (3.2.0.0)
      ast (~> 2.4.1)
    parslet (1.5.0)
      blankslate (~> 2.0)
    posix-spawn (0.3.15)
    public_suffix (5.0.1)
    pygments.rb (0.6.0)
      posix-spawn (~> 0.3.6)
      yajl-ruby (~> 1.1.0)
    racc (1.6.2)
    rainbow (3.1.1)
    rb-fsevent (0.11.1)
    rb-inotify (0.10.1)
      ffi (~> 1.0)
    rdiscount (2.1.7)
    redcarpet (3.1.2)
    regexp_parser (2.6.2)
    rexml (3.2.5)
    rubocop (1.36.0)
      json (~> 2.3)
      parallel (~> 1.10)
      parser (>= 3.1.2.1)
      rainbow (>= 2.2.2, < 4.0)
      regexp_parser (>= 1.8, < 3.0)
      rexml (>= 3.2.5, < 4.0)
      rubocop-ast (>= 1.20.1, < 2.0)
      ruby-progressbar (~> 1.7)
      unicode-display_width (>= 1.4.0, < 3.0)
    rubocop-ast (1.21.0)
      parser (>= 3.1.1.0)
    ruby-progressbar (1.11.0)
    ruby2_keywords (0.0.5)
    safe_yaml (1.0.5)
    sass (3.7.4)
      sass-listen (~> 4.0.0)
    sass-listen (4.0.0)
      rb-fsevent (~> 0.9, >= 0.9.4)
      rb-inotify (~> 0.9, >= 0.9.7)
    sawyer (0.9.2)
      addressable (>= 2.3.5)
      faraday (>= 0.17.3, < 3)
    toml (0.1.2)
      parslet (~> 1.5.0)
    tzinfo (2.0.6)
      concurrent-ruby (~> 1.0)
    unicode-display_width (2.4.2)
    uri_template (0.7.0)
    webrick (1.8.1)
    yajl-ruby (1.1.0)
    yajl-ruby (1.1.0-x86-mingw32)

PLATFORMS
  ruby
  x64-mingw32
  x86-mingw32

DEPENDENCIES
  github-pages
  json_schemer
  rubocop
  up_for_grabs_tooling!
  webrick

BUNDLED WITH
   2.3.7
